GEM
  remote: http://rubygems.org/
  specs:
    abstract (1.0.0)
    actionmailer (3.0.1)
      actionpack (= 3.0.1)
      mail (~> 2.2.5)
    actionpack (3.0.1)
      activemodel (= 3.0.1)
      activesupport (= 3.0.1)
      builder (~> 2.1.2)
      erubis (~> 2.6.6)
      i18n (~> 0.4.1)
      rack (~> 1.2.1)
      rack-mount (~> 0.6.12)
      rack-test (~> 0.5.4)
      tzinfo (~> 0.3.23)
    activemodel (3.0.1)
      activesupport (= 3.0.1)
      builder (~> 2.1.2)
      i18n (~> 0.4.1)
    activerecord (3.0.1)
      activemodel (= 3.0.1)
      activesupport (= 3.0.1)
      arel (~> 1.0.0)
      tzinfo (~> 0.3.23)
    activeresource (3.0.1)
      activemodel (= 3.0.1)
      activesupport (= 3.0.1)
    activesupport (3.0.1)
    addressable (2.2.6)
    arel (1.0.1)
      activesupport (~> 3.0.0)
    badgeable (0.4.0)
    bcrypt-ruby (2.1.4)
    bitbucket_api (0.0.1)
    bson (1.3.1)
    bson_ext (1.3.1)
    builder (2.1.2)
    cancan (1.6.5)
    capybara (0.4.1.2)
      celerity (>= 0.7.9)
      culerity (>= 0.2.4)
      mime-types (>= 1.16)
      nokogiri (>= 1.3.3)
      rack (>= 1.0.0)
      rack-test (>= 0.5.4)
      selenium-webdriver (>= 0.0.27)
      xpath (~> 0.1.3)
    carrierwave (0.5.4)
      activesupport (~> 3.0)
    celerity (0.8.9)
    childprocess (0.1.9)
      ffi (~> 1.0.6)
    chronic (0.3.0)
    configuration (1.2.0)
    crack (0.1.8)
    cucumber (0.10.0)
      builder (>= 2.1.2)
      diff-lcs (~> 1.1.2)
      gherkin (~> 2.3.2)
      json (~> 1.4.6)
      term-ansicolor (~> 1.0.5)
    cucumber-rails (0.3.2)
      cucumber (>= 0.8.0)
    culerity (0.2.15)
    daemons (1.1.3)
    delayed_job (2.1.4)
      activesupport (~> 3.0)
      daemons
    delayed_job_mongoid (1.0.2)
      delayed_job (~> 2.1.1)
      mongoid (~> 2.0.0.rc)
    devise (1.1.5)
      bcrypt-ruby (~> 2.1.2)
      warden (~> 1.0.2)
    diff-lcs (1.1.2)
    embedly (0.4.0)
      querystring
    erubis (2.6.6)
      abstract (>= 1.0.0)
    escape (0.0.4)
    excon (0.6.3)
    factory_girl (1.3.3)
    factory_girl_rails (1.0.1)
      factory_girl (~> 1.3)
      railties (>= 3.0.0)
    fakeweb (1.3.0)
    faraday (0.6.1)
      addressable (~> 2.2.4)
      multipart-post (~> 1.1.0)
      rack (>= 1.1.0, < 2)
    faraday_middleware (0.6.3)
      faraday (~> 0.6.0)
    ffi (1.0.9)
    fog (0.8.1)
      builder
      excon (~> 0.6.1)
      formatador (>= 0.1.3)
      json
      mime-types
      net-ssh (>= 2.1.3)
      nokogiri (>= 1.4.4)
      ruby-hmac
    formatador (0.1.4)
    geokit (1.5.0)
    gherkin (2.3.9)
      json (>= 1.4.6)
    ghost (0.2.8)
    gravtastic (3.1.0)
    haml (3.1.1)
    hashie (1.0.0)
    heroku (2.2.9)
      launchy (>= 0.3.2)
      rest-client (~> 1.6.1)
      term-ansicolor (~> 1.0.5)
    heroku_san (1.2.0)
      heroku
      rails (>= 2)
    htmlentities (4.3.0)
    httparty (0.7.7)
      crack (= 0.1.8)
    i18n (0.4.2)
    icalendar (1.1.6)
    json (1.4.6)
    json_pure (1.5.1)
    launchy (0.4.0)
      configuration (>= 0.0.5)
      rake (>= 0.8.1)
    less (1.2.21)
      mutter (>= 0.4.2)
      treetop (>= 1.4.2)
    linkedin (0.2.2)
      nokogiri (~> 1.4.4)
      oauth (~> 0.4.0)
    mail (2.2.19)
      activesupport (>= 2.3.6)
      i18n (>= 0.4.0)
      mime-types (~> 1.16)
      treetop (~> 1.4.8)
    mime-types (1.16)
    mocha (0.9.12)
    mongo (1.3.1)
      bson (>= 1.3.1)
    mongoid (2.0.0.beta.20)
      activemodel (~> 3.0)
      mongo (~> 1.1)
      tzinfo (~> 0.3.22)
      will_paginate (~> 3.0.pre)
    multi_json (1.0.3)
    multi_xml (0.2.2)
    multipart-post (1.1.2)
    mutter (0.5.3)
    net-ssh (2.1.4)
    nokogiri (1.4.4)
    oauth (0.4.4)
    polyglot (0.3.1)
    pr_geohash (1.0.0)
    querystring (0.1.0)
    rack (1.2.3)
    rack-mount (0.6.14)
      rack (>= 1.0.0)
    rack-test (0.5.7)
      rack (>= 1.0)
    rails (3.0.1)
      actionmailer (= 3.0.1)
      actionpack (= 3.0.1)
      activerecord (= 3.0.1)
      activeresource (= 3.0.1)
      activesupport (= 3.0.1)
      bundler (~> 1.0.0)
      railties (= 3.0.1)
    railties (3.0.1)
      actionpack (= 3.0.1)
      activesupport (= 3.0.1)
      rake (>= 0.8.4)
      thor (~> 0.14.0)
    rake (0.8.7)
    rash (0.3.0)
      hashie (~> 1.0.0)
    rest-client (1.6.3)
      mime-types (>= 1.16)
    rmagick (2.13.1)
    rsolr (0.12.1)
      builder (>= 2.1.2)
    rspec (2.6.0)
      rspec-core (~> 2.6.0)
      rspec-expectations (~> 2.6.0)
      rspec-mocks (~> 2.6.0)
    rspec-core (2.6.3)
    rspec-expectations (2.6.0)
      diff-lcs (~> 1.1.2)
    rspec-mocks (2.6.0)
    rspec-rails (2.6.1)
      actionpack (~> 3.0)
      activesupport (~> 3.0)
      railties (~> 3.0)
      rspec (~> 2.6.0)
    ruby-duration (0.5.4)
      i18n
    ruby-hmac (0.4.0)
    rubyzip (0.9.4)
    sass (3.1.1)
    selenium-webdriver (0.2.0)
      childprocess (>= 0.1.7)
      ffi (>= 1.0.7)
      json_pure
      rubyzip
    simple-rss (1.2.3)
    simple_oauth (0.1.5)
    slide_share (0.0.3)
    speaker_rate (0.0.5)
    sqlite3 (1.3.3)
    sqlite3-ruby (1.3.3)
      sqlite3 (>= 1.3.3)
    stack_overflow (0.0.6)
    sunspot (1.2.1)
      escape (= 0.0.4)
      pr_geohash (~> 1.0)
      rsolr (= 0.12.1)
    sunspot_rails (1.2.1)
      nokogiri
      sunspot (= 1.2.1)
    target_api (0.0.1)
    term-ansicolor (1.0.5)
    thor (0.14.6)
    treetop (1.4.9)
      polyglot (>= 0.3.1)
    twitter (1.4.1)
      faraday (~> 0.6.1)
      faraday_middleware (~> 0.6.3)
      hashie (~> 1.0.0)
      multi_json (~> 1.0.0)
      multi_xml (~> 0.2.0)
      rash (~> 0.3.0)
      simple_oauth (~> 0.1.4)
    tzinfo (0.3.27)
    vcr (1.10.0)
    warden (1.0.4)
      rack (>= 1.0)
    will_paginate (3.0.pre2)
    xpath (0.1.4)
      nokogiri (~> 1.3)

PLATFORMS
  ruby

DEPENDENCIES
  badgeable
  bitbucket_api (= 0.0.1)
  bson_ext
  cancan
  capybara
  carrierwave
  chronic
  cucumber (= 0.10.0)
  cucumber-rails (= 0.3.2)
  delayed_job
  delayed_job_mongoid
  devise (= 1.1.5)
  embedly
  factory_girl_rails
  fakeweb
  fog
  geokit
  ghost
  gravtastic
  haml (= 3.1.1)
  heroku_san
  htmlentities
  httparty
  icalendar
  json (= 1.4.6)
  launchy (= 0.4.0)
  less
  linkedin
  mocha
  mongo
  mongoid (= 2.0.0.beta.20)
  nokogiri
  rails (= 3.0.1)
  rake (= 0.8.7)
  rmagick
  rspec-rails (>= 2.0.0.beta.22)
  ruby-duration
  sass (= 3.1.1)
  simple-rss
  slide_share
  speaker_rate
  sqlite3-ruby
  stack_overflow (= 0.0.6)
  sunspot
  sunspot_rails
  target_api (= 0.0.1)
  twitter
  vcr
  will_paginate
