GEM
  remote: http://rubygems.org/
  specs:
    abstract (1.0.0)
    actionmailer (3.0.9)
      actionpack (= 3.0.9)
      mail (~> 2.2.19)
    actionpack (3.0.9)
      activemodel (= 3.0.9)
      activesupport (= 3.0.9)
      builder (~> 2.1.2)
      erubis (~> 2.6.6)
      i18n (~> 0.5.0)
      rack (~> 1.2.1)
      rack-mount (~> 0.6.14)
      rack-test (~> 0.5.7)
      tzinfo (~> 0.3.23)
    activemodel (3.0.9)
      activesupport (= 3.0.9)
      builder (~> 2.1.2)
      i18n (~> 0.5.0)
    activerecord (3.0.9)
      activemodel (= 3.0.9)
      activesupport (= 3.0.9)
      arel (~> 2.0.10)
      tzinfo (~> 0.3.23)
    activeresource (3.0.9)
      activemodel (= 3.0.9)
      activesupport (= 3.0.9)
    activesupport (3.0.9)
    addressable (2.2.6)
    arel (2.0.10)
    badgeable (0.4.0)
    bcrypt-ruby (2.1.4)
    bitbucket_api (0.0.1)
    bson (1.3.1)
    bson_ext (1.3.1)
    builder (2.1.2)
    cancan (1.6.5)
    capybara (1.0.1)
      mime-types (>= 1.16)
      nokogiri (>= 1.3.3)
      rack (>= 1.0.0)
      rack-test (>= 0.5.4)
      selenium-webdriver (~> 2.0)
      xpath (~> 0.1.4)
    carrierwave (0.5.7)
      activesupport (~> 3.0)
    carrierwave-mongoid (0.1.0)
      carrierwave
      mongoid
    childprocess (0.2.2)
      ffi (~> 1.0.6)
    chronic (0.6.2)
    crack (0.1.8)
    css3buttons (1.0.1)
      actionpack (>= 3.0.0)
    cucumber (1.0.0)
      builder (>= 2.1.2)
      diff-lcs (>= 1.1.2)
      gherkin (~> 2.4.1)
      json (>= 1.4.6)
      term-ansicolor (>= 1.0.5)
    cucumber-rails (0.3.2)
      cucumber (>= 0.8.0)
    daemons (1.1.4)
    delayed_job (2.1.4)
      activesupport (~> 3.0)
      daemons
    delayed_job_mongoid (1.0.4)
      delayed_job (~> 2.1.1)
      mongoid (>= 2.0)
    devise (1.1.5)
      bcrypt-ruby (~> 2.1.2)
      warden (~> 1.0.2)
    diff-lcs (1.1.3)
    embedly (1.0.0)
      querystring
    erubis (2.6.6)
      abstract (>= 1.0.0)
    escape (0.0.4)
    escape_utils (0.2.3)
    excon (0.6.6)
    factory_girl (2.0.5)
    factory_girl_rails (1.1.0)
      factory_girl (~> 2.0.0)
      railties (>= 3.0.0)
    fakeweb (1.3.0)
    faraday (0.7.4)
      addressable (~> 2.2.6)
      multipart-post (~> 1.1.0)
      rack (< 2, >= 1.1.0)
    faraday_middleware (0.7.0)
      faraday (~> 0.7.3)
    ffi (1.0.9)
    fog (0.11.0)
      builder
      excon (~> 0.6.5)
      formatador (~> 0.2.0)
      mime-types
      multi_json (~> 1.0.3)
      net-scp (~> 1.0.4)
      net-ssh (~> 2.1.4)
      nokogiri (~> 1.5.0)
      ruby-hmac
    formatador (0.2.1)
    formtastic (1.2.4)
      actionpack (>= 2.3.7)
      activesupport (>= 2.3.7)
      i18n (~> 0.4)
    geokit (1.6.0)
    gherkin (2.4.18)
      json (>= 1.4.6)
    ghost (0.2.8)
    gravtastic (3.2.6)
    haml (3.1.2)
    has_permalink (0.1.1)
    hashie (1.0.0)
    heroku (2.7.0)
      launchy (>= 0.3.2)
      rest-client (~> 1.6.1)
      rubyzip
      term-ansicolor (~> 1.0.5)
    heroku_san (1.2.3)
      heroku (>= 2)
      rails (>= 2)
    htmlentities (4.3.0)
    httparty (0.7.8)
      crack (= 0.1.8)
    i18n (0.5.0)
    icalendar (1.1.6)
    json (1.4.6)
    json_pure (1.5.4)
      spruz (~> 0.2.8)
    launchy (2.0.5)
      addressable (~> 2.2.6)
    less (2.0.5)
      therubyracer (~> 0.9.2)
    libv8 (3.3.10.2)
    linkedin (0.3.1)
      hashie (~> 1.0.0)
      multi_json (~> 1.0.3)
      oauth (~> 0.4.5)
    mail (2.2.19)
      activesupport (>= 2.3.6)
      i18n (>= 0.4.0)
      mime-types (~> 1.16)
      treetop (~> 1.4.8)
    mime-types (1.16)
    mocha (0.9.12)
    mongo (1.3.1)
      bson (>= 1.3.1)
    mongoid (2.2.0)
      activemodel (~> 3.0)
      mongo (~> 1.3)
      tzinfo (~> 0.3.22)
    multi_json (1.0.3)
    multi_xml (0.2.2)
    multipart-post (1.1.3)
    net-scp (1.0.4)
      net-ssh (>= 1.99.1)
    net-ssh (2.1.4)
    nokogiri (1.5.0)
    oauth (0.4.5)
    polyglot (0.3.2)
    pr_geohash (1.0.0)
    querystring (0.1.0)
    rabl (0.3.0)
      multi_json (~> 1.0.3)
    rack (1.2.3)
    rack-mount (0.6.14)
      rack (>= 1.0.0)
    rack-ssl-enforcer (0.2.3)
    rack-test (0.5.7)
      rack (>= 1.0)
    rails (3.0.9)
      actionmailer (= 3.0.9)
      actionpack (= 3.0.9)
      activerecord (= 3.0.9)
      activeresource (= 3.0.9)
      activesupport (= 3.0.9)
      bundler (~> 1.0)
      railties (= 3.0.9)
    railties (3.0.9)
      actionpack (= 3.0.9)
      activesupport (= 3.0.9)
      rake (>= 0.8.7)
      rdoc (~> 3.4)
      thor (~> 0.14.4)
    rake (0.8.7)
    rdoc (3.9.4)
    rest-client (1.6.7)
      mime-types (>= 1.16)
    rmagick (2.13.1)
    rsolr (0.12.1)
      builder (>= 2.1.2)
    rspec (2.6.0)
      rspec-core (~> 2.6.0)
      rspec-expectations (~> 2.6.0)
      rspec-mocks (~> 2.6.0)
    rspec-core (2.6.4)
    rspec-expectations (2.6.0)
      diff-lcs (~> 1.1.2)
    rspec-mocks (2.6.0)
    rspec-rails (2.6.1)
      actionpack (~> 3.0)
      activesupport (~> 3.0)
      railties (~> 3.0)
      rspec (~> 2.6.0)
    ruby-duration (2.0.2)
      activesupport (>= 3.0.0)
      i18n
    ruby-hmac (0.4.0)
    rubyzip (0.9.4)
    sass (3.1.1)
    selenium-webdriver (2.5.0)
      childprocess (>= 0.2.1)
      ffi (>= 1.0.7)
      json_pure
      rubyzip
    simple-rss (1.2.3)
    simple_oauth (0.1.5)
    slide_share (0.0.3)
    speaker_rate (0.0.5)
    spruz (0.2.13)
    sqlite3 (1.3.4)
    sqlite3-ruby (1.3.3)
      sqlite3 (>= 1.3.3)
    ssl_requirement (0.1.0)
    stack_overflow (0.0.7)
    sunspot (1.2.1)
      escape (= 0.0.4)
      pr_geohash (~> 1.0)
      rsolr (= 0.12.1)
    sunspot_rails (1.2.1)
      nokogiri
      sunspot (= 1.2.1)
    target_api (0.0.1)
    term-ansicolor (1.0.6)
    therubyracer (0.9.4)
      libv8 (~> 3.3.10)
    thor (0.14.6)
    treetop (1.4.10)
      polyglot
      polyglot (>= 0.3.1)
    twitter (1.6.1)
      faraday (~> 0.7.4)
      faraday_middleware (~> 0.7.0)
      hashie (~> 1.0.0)
      multi_json (~> 1.0.0)
      multi_xml (~> 0.2.0)
      simple_oauth (~> 0.1.5)
    tzinfo (0.3.29)
    vcr (1.11.1)
    warden (1.0.5)
      rack (>= 1.0)
    will_paginate (3.0.0)
    xpath (0.1.4)
      nokogiri (~> 1.3)

PLATFORMS
  ruby

DEPENDENCIES
  badgeable (= 0.4.0)
  bitbucket_api (= 0.0.1)
  bson_ext (= 1.3.1)
  cancan (= 1.6.5)
  capybara (= 1.0.1)
  carrierwave (= 0.5.7)
  carrierwave-mongoid (= 0.1.0)
  chronic (= 0.6.2)
  css3buttons (= 1.0.1)
  cucumber (= 1.0.0)
  cucumber-rails (= 0.3.2)
  delayed_job
  delayed_job_mongoid
  devise (= 1.1.5)
  embedly (= 1.0.0)
  escape_utils (= 0.2.3)
  factory_girl_rails (= 1.1.0)
  fakeweb (= 1.3.0)
  fog (= 0.11.0)
  formtastic (= 1.2.4)
  geokit (= 1.6.0)
  ghost (= 0.2.8)
  gravtastic (= 3.2.6)
  haml (= 3.1.2)
  has_permalink
  heroku_san (= 1.2.3)
  htmlentities (= 4.3.0)
  httparty (= 0.7.8)
  icalendar (= 1.1.6)
  json (= 1.4.6)
  launchy (= 2.0.5)
  less (= 2.0.5)
  linkedin (= 0.3.1)
  mocha (= 0.9.12)
  mongo (>= 1.3.1)
  mongoid (>= 2.0.0)
  nokogiri (= 1.5.0)
  rabl (= 0.3.0)
  rack-ssl-enforcer (= 0.2.3)
  rails (= 3.0.9)
  rake (= 0.8.7)
  rmagick (= 2.13.1)
  rspec-rails (= 2.6.1)
  ruby-duration (= 2.0.2)
  sass (= 3.1.1)
  simple-rss (= 1.2.3)
  slide_share (= 0.0.3)
  speaker_rate (= 0.0.5)
  sqlite3-ruby
  ssl_requirement (= 0.1.0)
  stack_overflow (= 0.0.7)
  sunspot (= 1.2.1)
  sunspot_rails (= 1.2.1)
  target_api (= 0.0.1)
  twitter (= 1.6.1)
  vcr (= 1.11.1)
  will_paginate (= 3.0.0)
